{
	"Modality": "MR",
	"MagneticFieldStrength": 3,
	"ImagingFrequency": 127.697,
	"Manufacturer": "GE",
	"ManufacturersModelName": "DISCOVERY MR750",
	"InstitutionName": "NIH FMRIF",
	"DeviceSerialNumber": "000301496MR3T6MR",
	"StationName": "fmrif3tb",
	"BodyPartExamined": "BRAIN",
	"PatientPosition": "HFS",
	"ProcedureStepDescription": "MRI Procedure Limited",
	"SoftwareVersions": "27\\LX\\MR Software release:DV26.0_R01_1725.a",
	"MRAcquisitionType": "3D",
	"SeriesDescription": "Anat T1w MP-RAGE 1mm + PURE",
	"ProtocolName": "SLP - 1-second Memory (2",
	"ScanningSequence": "RM",
	"SequenceVariant": "NONE",
	"ScanOptions": "EDR_GEMS\\FILTERED_GEMS\\ACC_GEMS\\IR_GEMS",
	"ImageType": ["ORIGINAL", "PRIMARY", "OTHER"],
	"SeriesNumber": 3,
	"AcquisitionTime": "11:57:0.000000",
	"AcquisitionNumber": 1,
	"SliceThickness": 1,
	"SpacingBetweenSlices": 1,
	"SAR": 0.108865,
	"EchoTime": 0.003476,
	"RepetitionTime": 0.00766,
	"InversionTime": 0.9,
	"FlipAngle": 7,
	"CoilString": "32Ch Head",
	"PercentPhaseFOV": 100,
	"PercentSampling": 100,
	"AcquisitionMatrixPE": 256,
	"ReconMatrixPE": 256,
	"ParallelReductionFactorInPlane": 2,
	"PixelBandwidth": 195.312,
	"ImageOrientationPatientDICOM": [
		-0,
		1,
		0,
		-0,
		-0,
		-1	],
	"InPlanePhaseEncodingDirectionDICOM": "ROW",
	"ConversionSoftware": "dcm2niix",
	"ConversionSoftwareVersion": "v1.0.20211006"
}
