{
  "Modality": "MR",
  "MagneticFieldStrength": 3,
  "ImagingFrequency": 127.697,
  "Manufacturer": "GE",
  "PulseSequenceName": "epiRT",
  "InternalPulseSequenceName": "EPI",
  "ManufacturersModelName": "DISCOVERY MR750",
  "InstitutionName": "NIH FMRIF",
  "DeviceSerialNumber": "000301496MR3T6MR",
  "StationName": "fmrif3tb",
  "BodyPartExamined": "BRAIN",
  "PatientPosition": "HFS",
  "ProcedureStepDescription": "MRI Brain",
  "SoftwareVersions": "27/LX/MR Software release:DV26.0_R01_1725.a",
  "MRAcquisitionType": "2D",
  "SeriesDescription": "OneSecondMemory4",
  "ProtocolName": "FMRIF - Clinical 32Ch Br",
  "ScanningSequence": "EP/RM",
  "SequenceVariant": "NONE",
  "ScanOptions": "SAT_GEMS/EPI_GEMS/ACC_GEMS/FS",
  "ImageType": [
    "ORIGINAL",
    "PRIMARY",
    "EPI",
    "NONE"
  ],
  "SeriesNumber": 10,
  "AcquisitionTime": "15:01:46.000000",
  "AcquisitionNumber": 1,
  "SliceThickness": 2.5,
  "SpacingBetweenSlices": 2.5,
  "SAR": 0.0824136,
  "EchoTime": 0.03,
  "RepetitionTime": 2.5,
  "FlipAngle": 75,
  "PhaseEncodingPolarityGE": "Flipped",
  "CoilString": "32Ch Head",
  "PercentPhaseFOV": 100,
  "PercentSampling": 100,
  "AcquisitionMatrixPE": 90,
  "ReconMatrixPE": 90,
  "ParallelReductionFactorInPlane": 2,
  "EffectiveEchoSpacing": 0.000266966,
  "TotalReadoutTime": 0.02376,
  "PixelBandwidth": 5555.56,
  "PhaseEncodingDirection": "j",
  "SliceTiming": [
    0,
    1.28049,
    0.0609756,
    1.34146,
    0.121951,
    1.40244,
    0.182927,
    1.46341,
    0.243902,
    1.52439,
    0.304878,
    1.58537,
    0.365854,
    1.64634,
    0.426829,
    1.70732,
    0.487805,
    1.76829,
    0.54878,
    1.82927,
    0.609756,
    1.89024,
    0.670732,
    1.95122,
    0.731707,
    2.0122,
    0.792683,
    2.07317,
    0.853659,
    2.13415,
    0.914634,
    2.19512,
    0.97561,
    2.2561,
    1.03659,
    2.31707,
    1.09756,
    2.37805,
    1.15854,
    2.43902,
    1.21951
  ],
  "ImageOrientationPatientDICOM": [
    0.99962,
    -0,
    -0.02754,
    -0,
    1,
    0
  ],
  "InPlanePhaseEncodingDirectionDICOM": "COL",
  "ConversionSoftware": "dcm2niix",
  "ConversionSoftwareVersion": "v1.0.20211006",
  "TaskName": "OneSecondMemory"
}