{
  "Modality": "MR",
  "MagneticFieldStrength": 3,
  "ImagingFrequency": 127.697,
  "Manufacturer": "GE",
  "PulseSequenceName": "epiRT",
  "InternalPulseSequenceName": "EPI",
  "ManufacturersModelName": "DISCOVERY MR750",
  "InstitutionName": "NIH FMRIF",
  "DeviceSerialNumber": "000301496MR3T6MR",
  "StationName": "fmrif3tb",
  "BodyPartExamined": "BRAIN",
  "PatientPosition": "HFS",
  "ProcedureStepDescription": "MRI Procedure Limited",
  "SoftwareVersions": "27/LX/MR Software release:DV26.0_R01_1725.a",
  "MRAcquisitionType": "2D",
  "SeriesDescription": "OneSecondMemory4",
  "ProtocolName": "SLP - 1-second Memory (2",
  "ScanningSequence": "EP/RM",
  "SequenceVariant": "NONE",
  "ScanOptions": "SAT_GEMS/EPI_GEMS/ACC_GEMS/FS",
  "ImageType": [
    "ORIGINAL",
    "PRIMARY",
    "EPI",
    "NONE"
  ],
  "SeriesNumber": 9,
  "AcquisitionTime": "10:49:46.000000",
  "AcquisitionNumber": 1,
  "SliceThickness": 2.5,
  "SpacingBetweenSlices": 2.5,
  "SAR": 0.0983891,
  "EchoTime": 0.03,
  "RepetitionTime": 2.5,
  "FlipAngle": 75,
  "PhaseEncodingPolarityGE": "Flipped",
  "CoilString": "32Ch Head",
  "PercentPhaseFOV": 100,
  "PercentSampling": 100,
  "AcquisitionMatrixPE": 90,
  "ReconMatrixPE": 90,
  "ParallelReductionFactorInPlane": 2,
  "EffectiveEchoSpacing": 0.000266966,
  "TotalReadoutTime": 0.02376,
  "PixelBandwidth": 5555.56,
  "PhaseEncodingDirection": "j",
  "SliceTiming": [
    0,
    1.25,
    0.0595238,
    1.30952,
    0.119048,
    1.36905,
    0.178571,
    1.42857,
    0.238095,
    1.4881,
    0.297619,
    1.54762,
    0.357143,
    1.60714,
    0.416667,
    1.66667,
    0.47619,
    1.72619,
    0.535714,
    1.78571,
    0.595238,
    1.84524,
    0.654762,
    1.90476,
    0.714286,
    1.96429,
    0.77381,
    2.02381,
    0.833333,
    2.08333,
    0.892857,
    2.14286,
    0.952381,
    2.20238,
    1.0119,
    2.2619,
    1.07143,
    2.32143,
    1.13095,
    2.38095,
    1.19048,
    2.44048
  ],
  "ImageOrientationPatientDICOM": [
    1,
    -3E-5,
    0.00267,
    -0,
    0.99992,
    0.01252
  ],
  "InPlanePhaseEncodingDirectionDICOM": "COL",
  "ConversionSoftware": "dcm2niix",
  "ConversionSoftwareVersion": "v1.0.20211006",
  "TaskName": "OneSecondMemory"
}